GEM
  remote: http://rubygems.org/
  specs:
    iron_core (1.0.1)
      rest (>= 2.2.0)
    iron_mq (4.0.3)
      iron_core (>= 0.5.1)
    mime-types (1.25)
    mini_portile (0.5.1)
    net-http-persistent (2.9)
    nokogiri (1.6.0)
      mini_portile (~> 0.5.0)
    parse-ruby-client (0.1.15)
      iron_mq
      patron
    patron (0.4.18)
    rest (2.6.3)
      net-http-persistent
      rest-client (>= 0.3.0)
    rest-client (1.6.7)
      mime-types (>= 1.16)

PLATFORMS
  ruby

DEPENDENCIES
  nokogiri
  parse-ruby-client
